GEM
  remote: https://rubygems.org/
  specs:
    async (2.23.0)
      console (~> 1.29)
      fiber-annotation
      io-event (~> 1.9)
      metrics (~> 0.12)
      traces (~> 0.15)
    console (1.29.3)
      fiber-annotation
      fiber-local (~> 1.1)
      json
    fiber-annotation (0.2.0)
    fiber-local (1.1.0)
      fiber-storage
    fiber-storage (1.0.0)
    io-endpoint (0.15.2)
    io-event (1.9.0)
    json (2.10.1)
    metrics (0.12.1)
    nio4r (2.7.4)
    traces (0.15.2)

PLATFORMS
  arm64-darwin-24
  ruby

DEPENDENCIES
  async (~> 2.23)
  io-endpoint (~> 0.15.2)
  nio4r (~> 2.7)

BUNDLED WITH
   2.6.2
